GEM
  remote: https://rubygems.org/
  specs:
    singleton (0.1.0)
    sqlite3 (1.4.2)

PLATFORMS
  ruby

DEPENDENCIES
  singleton
  sqlite3
